GEM
  remote: http://rubygems.org/
  specs:
    eventmachine (1.2.5)

PLATFORMS
  ruby

DEPENDENCIES
  eventmachine

BUNDLED WITH
   1.11.2
